GEM
  remote: http://rubygems.org/
  specs:
    coderay (1.1.0)
    crack (0.1.8)
    dotenv (0.9.0)
    eventmachine (0.12.10)
    foreman (0.63.0)
      dotenv (>= 0.7)
      thor (>= 0.13.6)
    http_parser.rb (0.5.3)
    json (1.8.1)
    method_source (0.8.2)
    multi_json (1.0.3)
    mysql2 (0.3.14)
    pry (0.9.12.4)
      coderay (~> 1.0)
      method_source (~> 0.8)
      slop (~> 3.4)
    pusher (0.8.3)
      crack (~> 0.1.0)
      multi_json (~> 1.0)
      ruby-hmac (~> 0.4.0)
      signature (~> 0.1.2)
    ruby-hmac (0.4.0)
    signature (0.1.2)
      ruby-hmac
    simple_oauth (0.1.5)
    slop (3.4.7)
    thor (0.18.1)
    twitter-stream (0.1.14)
      eventmachine (>= 0.12.8)
      http_parser.rb (~> 0.5.1)
      simple_oauth (~> 0.1.4)

PLATFORMS
  ruby

DEPENDENCIES
  foreman
  json
  mysql2
  pry
  pusher
  twitter-stream
